PATH
  remote: .
  specs:
    hello_dolly (0.1.0)

GEM
  remote: https://rubygems.org/
  specs:
    rake (10.5.0)

PLATFORMS
  ruby

DEPENDENCIES
  bundler (~> 1.17)
  hello_dolly!
  rake (~> 10.0)

BUNDLED WITH
   1.17.3
